GIT
  remote: https://github.com/seejohnrun/ice_cube.git
  revision: 10ed1e4122042737364420974d69448a8c1a19a7
  ref: full_tz
  specs:
    ice_cube (0.16.2)

GEM
  remote: https://rubygems.org/
  specs:
    activesupport (4.2.9)
      i18n (~> 0.7)
      minitest (~> 5.1)
      thread_safe (~> 0.3, >= 0.3.4)
      tzinfo (~> 1.1)
    i18n (0.8.6)
    minitest (5.10.3)
    thread_safe (0.3.6)
    tzinfo (1.2.3)
      thread_safe (~> 0.1)

PLATFORMS
  ruby

DEPENDENCIES
  activesupport (= 4.2.9)
  ice_cube!

RUBY VERSION
   ruby 2.4.1p111

BUNDLED WITH
   1.15.4
